GEM
  remote: http://gemcutter.org/
  specs:
    mime-types (1.16)
    ray (0.1.1)
    rest-client (1.6.3)
      mime-types (>= 1.16)

PLATFORMS
  ruby
  x86-mingw32

DEPENDENCIES
  ray (~> 0.1.1)
  rest-client (~> 1.6.3)
