GEM
  remote: http://gemcutter.org/
  specs:
    mime-types (1.16)
    r18n-core (0.4.10)
    r18n-desktop (0.4.10)
      r18n-core (= 0.4.10)
    ray (0.2.0)
    rest-client (1.6.3)
      mime-types (>= 1.16)

PLATFORMS
  ruby
  x86-mingw32

DEPENDENCIES
  r18n-desktop (~> 0.4.10)
  ray (~> 0.2.0)
  rest-client (~> 1.6.3)
